GEM
  remote: https://rubygems.org/
  specs:
    addressable (2.5.2)
      public_suffix (>= 2.0.2, < 4.0)
    archive-zip (0.11.0)
      io-like (~> 0.3.0)
    capybara (3.1.0)
      addressable
      mini_mime (>= 0.1.3)
      nokogiri (~> 1.8)
      rack (>= 1.6.0)
      rack-test (>= 0.6.3)
      xpath (~> 3.0)
    childprocess (0.9.0)
      ffi (~> 1.0, >= 1.0.11)
    chromedriver-helper (1.2.0)
      archive-zip (~> 0.10)
      nokogiri (~> 1.8)
    dotenv (2.2.1)
    ffi (1.14.2)
    io-like (0.3.0)
    mini_mime (1.0.0)
    mini_portile2 (2.8.0)
    nokogiri (1.13.6)
      mini_portile2 (~> 2.8.0)
      racc (~> 1.4)
    public_suffix (3.0.2)
    racc (1.6.0)
    rack (2.2.3)
    rack-test (1.0.0)
      rack (>= 1.0, < 3)
    rubyzip (1.3.0)
    selenium-webdriver (3.12.0)
      childprocess (~> 0.5)
      rubyzip (~> 1.2)
    xpath (3.0.0)
      nokogiri (~> 1.8)

PLATFORMS
  ruby

DEPENDENCIES
  capybara
  chromedriver-helper
  dotenv
  ffi (>= 1.9.24)
  nokogiri (>= 1.11.0)
  rack (>= 2.1.4)
  rubyzip (>= 1.3.0)
  selenium-webdriver

BUNDLED WITH
   1.17.2
