GEM
  remote: https://rubygems.org/
  specs:
    addressable (2.7.0)
      public_suffix (>= 2.0.2, < 5.0)
    byebug (11.1.3)
    coderay (1.1.2)
    daemons (1.3.1)
    dotenv (2.2.1)
    eventmachine (1.2.7)
    faraday (0.9.2)
      multipart-post (>= 1.2, < 3)
    jwt (1.5.1)
    launchy (2.5.0)
      addressable (~> 2.7)
    method_source (0.9.2)
    multi_json (1.15.0)
    multi_xml (0.6.0)
    multipart-post (2.1.1)
    oauth2 (1.1.0)
      faraday (>= 0.8, < 0.10)
      jwt (~> 1.0, < 1.5.2)
      multi_json (~> 1.3)
      multi_xml (~> 0.5)
      rack (>= 1.2, < 3)
    pry (0.12.2)
      coderay (~> 1.1.0)
      method_source (~> 0.9.0)
    public_suffix (4.0.6)
    rack (2.2.3)
    thin (1.8.0)
      daemons (~> 1.0, >= 1.0.9)
      eventmachine (~> 1.0, >= 1.0.4)
      rack (>= 1, < 3)

PLATFORMS
  ruby

DEPENDENCIES
  byebug
  dotenv
  launchy
  oauth2
  pry
  thin

BUNDLED WITH
   1.17.2
